GEM
  remote: https://rubygems.org/
  specs:
    digest-crc (0.4.1)
    et-orbi (1.0.9)
      tzinfo
    jruby-jars (9.2.0.0)
    jruby-rack (1.1.21)
    rake (12.3.1)
    rubyzip (1.2.2)
    rufus-scheduler (3.4.2)
      et-orbi (~> 1.0)
    thread_safe (0.3.6)
    thread_safe (0.3.6-java)
    tzinfo (1.2.4)
      thread_safe (~> 0.1)
    warbler (2.0.5)
      jruby-jars (>= 9.0.0.0)
      jruby-rack (>= 1.1.1, < 1.3)
      rake (>= 10.1.0)
      rubyzip (~> 1.0, < 1.4)

PLATFORMS
  java
  ruby

DEPENDENCIES
  digest-crc (~> 0.4.0)
  rufus-scheduler (~> 3.4.0)
  warbler (~> 2.0.0)

BUNDLED WITH
   1.16.1
